GEM
  remote: http://rubygems.org/
  specs:
    mina (0.3.0)
      open4
      rake
    mina-rsync (1.1.0)
      mina (>= 0.3.0, < 2)
    open4 (1.3.0)
    rake (10.1.0)

PLATFORMS
  ruby

DEPENDENCIES
  mina
  mina-rsync
